GIT
  remote: git://github.com/amro/gibbon.git
  revision: fb6593188493440e0243bf96096d9cd754b9f0c1
  specs:
    gibbon (1.1.4)
      httparty
      multi_json (>= 1.9.0)

GIT
  remote: git://github.com/jdsampayo/spanish_rails.git
  revision: 2588d0e583429883babf0b35239889a9efe73dc9
  specs:
    spanish_rails (0.1.0)

GIT
  remote: git://github.com/plataformatec/simple_form.git
  revision: c679153ee99aefa39a7583564f2cd4bf9c0ca00b
  specs:
    simple_form (3.1.0)
      actionpack (~> 4.0)
      activemodel (~> 4.0)

GIT
  remote: git://github.com/slim-template/slim.git
  revision: 166831c0cad5c74305c756e107e326df0d4cbb7d
  branch: master
  specs:
    slim (3.0.2)
      temple (~> 0.7.3)
      tilt (>= 1.3.3, < 2.1)

GEM
  remote: https://rubygems.org/
  specs:
    actionmailer (4.1.5)
      actionpack (= 4.1.5)
      actionview (= 4.1.5)
      mail (~> 2.5.4)
    actionpack (4.1.5)
      actionview (= 4.1.5)
      activesupport (= 4.1.5)
      rack (~> 1.5.2)
      rack-test (~> 0.6.2)
    actionview (4.1.5)
      activesupport (= 4.1.5)
      builder (~> 3.1)
      erubis (~> 2.7.0)
    active_link_to (1.0.2)
      actionpack
    activemodel (4.1.5)
      activesupport (= 4.1.5)
      builder (~> 3.1)
    activerecord (4.1.5)
      activemodel (= 4.1.5)
      activesupport (= 4.1.5)
      arel (~> 5.0.0)
    activesupport (4.1.5)
      i18n (~> 0.6, >= 0.6.9)
      json (~> 1.7, >= 1.7.7)
      minitest (~> 5.1)
      thread_safe (~> 0.1)
      tzinfo (~> 1.1)
    acts_as_tree (2.1.0)
      activerecord (>= 3.0.0)
    arel (5.0.1.20140414130214)
    authlogic (3.4.4)
      activerecord (>= 3.2)
      activesupport (>= 3.2)
      request_store (~> 1.0)
      scrypt (~> 1.2)
    autoprefixer-rails (5.1.3.1)
      execjs
      json
    bcrypt (3.1.10)
    better_errors (2.1.1)
      coderay (>= 1.0.0)
      erubis (>= 2.6.6)
      rack (>= 0.9.0)
    binding_of_caller (0.7.2)
      debug_inspector (>= 0.0.1)
    bootstrap-generators (3.1.1.3)
      railties (>= 3.1.0)
    bootstrap-sass (3.3.3)
      autoprefixer-rails (>= 5.0.0.1)
      sass (>= 3.2.19)
    bootstrap3-datetimepicker-rails (3.0.0.2)
      momentjs-rails (~> 2.5.0)
    bootsy (2.0.13)
      carrierwave (~> 0.10)
      mini_magick (~> 4.0)
      remotipart (~> 1.2)
    breadcrumbs_on_rails (2.3.0)
    builder (3.2.2)
    callsite (0.0.11)
    cancan (1.6.10)
    carmen (1.0.1)
      unicode_utils (~> 1.4.0)
    carmen-rails (1.0.1)
      carmen (~> 1.0.0)
      rails
    carrierwave (0.10.0)
      activemodel (>= 3.2.0)
      activesupport (>= 3.2.0)
      json (>= 1.7)
      mime-types (>= 1.16)
    chosen-rails (1.3.0)
      coffee-rails (>= 3.2)
      compass-rails (>= 1.1.2)
      railties (>= 3.0)
      sass-rails (>= 3.2)
    chosen-sass-bootstrap-rails (0.0.4)
      bootstrap-sass (~> 3.1)
      chosen-rails
      compass-rails (~> 2.0)
      sass-rails (~> 4.0)
    chunky_png (1.3.3)
    codemirror-rails (4.8)
      railties (>= 3.0, < 5)
    coderay (1.1.0)
    coffee-rails (4.0.1)
      coffee-script (>= 2.2.0)
      railties (>= 4.0.0, < 5.0)
    coffee-script (2.3.0)
      coffee-script-source
      execjs
    coffee-script-source (1.9.0)
    compass (0.12.7)
      chunky_png (~> 1.2)
      fssm (>= 0.2.7)
      sass (~> 3.2.19)
    compass-rails (2.0.0)
      compass (>= 0.12.2)
    debug_inspector (0.0.2)
    erubis (2.7.0)
    execjs (2.3.0)
    ffaker (1.32.1)
    ffi (1.9.6)
    ffi-compiler (0.1.3)
      ffi (>= 1.0.0)
      rake
    font-awesome-rails (4.2.0.0)
      railties (>= 3.2, < 5.0)
    friendly_id (5.0.5)
      activerecord (>= 4.0.0)
    fssm (0.2.10)
    hike (1.2.3)
    httparty (0.13.3)
      json (~> 1.8)
      multi_xml (>= 0.5.2)
    humanize_boolean (0.0.1)
      i18n
    i18n (0.7.0)
    jbuilder (2.2.6)
      activesupport (>= 3.0.0, < 5)
      multi_json (~> 1.2)
    jquery-rails (3.1.2)
      railties (>= 3.0, < 5.0)
      thor (>= 0.14, < 2.0)
    jquery-tablesorter (1.13.4)
      railties (>= 3.1, < 5)
    jquery-turbolinks (2.1.0)
      railties (>= 3.1.0)
      turbolinks
    json (1.8.2)
    libv8 (3.16.14.3)
    mail (2.5.4)
      mime-types (~> 1.16)
      treetop (~> 1.4.8)
    meta_request (0.3.4)
      callsite (~> 0.0, >= 0.0.11)
      rack-contrib (~> 1.1)
      railties (>= 3.0.0, < 5.0.0)
    mime-types (1.25.1)
    mini_magick (4.0.3)
    minitest (5.5.1)
    momentjs-rails (2.5.0)
      railties (>= 3.1)
    multi_json (1.10.1)
    multi_xml (0.5.5)
    polyglot (0.3.5)
    quiet_assets (1.1.0)
      railties (>= 3.1, < 5.0)
    rack (1.5.2)
    rack-contrib (1.2.0)
      rack (>= 0.9.1)
    rack-test (0.6.3)
      rack (>= 1.0)
    rails (4.1.5)
      actionmailer (= 4.1.5)
      actionpack (= 4.1.5)
      actionview (= 4.1.5)
      activemodel (= 4.1.5)
      activerecord (= 4.1.5)
      activesupport (= 4.1.5)
      bundler (>= 1.3.0, < 2.0)
      railties (= 4.1.5)
      sprockets-rails (~> 2.0)
    railties (4.1.5)
      actionpack (= 4.1.5)
      activesupport (= 4.1.5)
      rake (>= 0.8.7)
      thor (>= 0.18.1, < 2.0)
    rake (10.4.2)
    rdoc (4.2.0)
      json (~> 1.4)
    remotipart (1.2.1)
    render_csv (2.0.0)
      rails (>= 3.0)
    request_store (1.1.0)
    sass (3.2.19)
    sass-rails (4.0.5)
      railties (>= 4.0.0, < 5.0)
      sass (~> 3.2.2)
      sprockets (~> 2.8, < 3.0)
      sprockets-rails (~> 2.0)
    scrypt (1.2.1)
      ffi-compiler (>= 0.0.2)
      rake
    sdoc (0.4.1)
      json (~> 1.7, >= 1.7.7)
      rdoc (~> 4.0)
    simple-navigation (3.14.0)
      activesupport (>= 2.3.2)
    slim-rails (3.0.1)
      actionmailer (>= 3.1, < 5.0)
      actionpack (>= 3.1, < 5.0)
      activesupport (>= 3.1, < 5.0)
      railties (>= 3.1, < 5.0)
      slim (~> 3.0)
    spring (1.2.0)
    sprockets (2.12.3)
      hike (~> 1.2)
      multi_json (~> 1.0)
      rack (~> 1.0)
      tilt (~> 1.1, != 1.3.0)
    sprockets-rails (2.2.4)
      actionpack (>= 3.0)
      activesupport (>= 3.0)
      sprockets (>= 2.8, < 4.0)
    sqlite3 (1.3.10)
    summernote-rails (0.5.10.2)
      railties (>= 3.1)
    temple (0.7.5)
    thor (0.19.1)
    thread_safe (0.3.4)
    tilt (1.4.1)
    time_diff (0.3.0)
      activesupport
      i18n
    treetop (1.4.15)
      polyglot
      polyglot (>= 0.3.1)
    turbolinks (2.5.3)
      coffee-rails
    tzinfo (1.2.2)
      thread_safe (~> 0.1)
    uglifier (2.7.0)
      execjs (>= 0.3.0)
      json (>= 1.8.0)
    unicode_utils (1.4.0)
    useragent (0.10.0)
    will_paginate (3.0.7)
    will_paginate-bootstrap (1.0.1)
      will_paginate (>= 3.0.3)

PLATFORMS
  ruby

DEPENDENCIES
  active_link_to
  acts_as_tree
  authlogic
  bcrypt (~> 3.1.7)
  better_errors
  binding_of_caller
  bootstrap-generators (~> 3.1.1)
  bootstrap-sass (~> 3.3.3)
  bootstrap3-datetimepicker-rails (~> 3.0.0)
  bootsy
  breadcrumbs_on_rails
  cancan
  carmen-rails
  chosen-sass-bootstrap-rails
  codemirror-rails
  coffee-rails (~> 4.0.0)
  ffaker
  font-awesome-rails (~> 4.2.0.0)
  friendly_id (~> 5.0.0)
  gibbon!
  humanize_boolean
  jbuilder (~> 2.0)
  jquery-rails
  jquery-tablesorter
  jquery-turbolinks
  libv8 (= 3.16.14.3)
  meta_request
  momentjs-rails (~> 2.5.0)
  quiet_assets
  rails (= 4.1.5)
  render_csv
  sass-rails (~> 4.0.3)
  scrypt (= 1.2.1)
  sdoc (~> 0.4.0)
  simple-navigation
  simple_form (~> 3.1.0.rc2)!
  slim!
  slim-rails
  spanish_rails!
  spring
  sqlite3
  summernote-rails
  time_diff
  turbolinks
  uglifier (>= 1.3.0)
  useragent
  will_paginate (~> 3.0)
  will_paginate-bootstrap
